GEM
  remote: https://rubygems.org/
  specs:
    activesupport (4.2.11.3)
      i18n (~> 0.7)
      minitest (~> 5.1)
      thread_safe (~> 0.3, >= 0.3.4)
      tzinfo (~> 1.1)
    addressable (2.8.1)
      public_suffix (>= 2.0.2, < 6.0)
    asciidoctor (1.5.8)
    coderay (1.1.3)
    colored (1.2)
    colorize (0.8.1)
    concurrent-ruby (1.1.10)
    coolline (0.5.0)
      unicode_utils (~> 1.4)
    cri (2.15.11)
    ddmetrics (1.0.1)
    ddplugin (1.0.3)
    diff-lcs (1.5.0)
    ethon (0.16.0)
      ffi (>= 1.15.0)
    extended-markdown-filter (0.6.0)
      html-pipeline (~> 2.0)
    ffi (1.15.5-x64-mingw32)
    gemoji (2.1.0)
    github-markdown (0.6.9)
    hamster (3.0.0)
      concurrent-ruby (~> 1.0)
    html-pipeline (2.2.4)
      activesupport (>= 2, < 5)
      nokogiri (>= 1.4)
    html-pipeline-asciidoc_filter (1.5.3)
      asciidoctor (~> 1.5.3)
      html-pipeline (~> 2.2.2)
    html-pipeline-rouge_filter (1.0.7)
      activesupport
      html-pipeline (>= 1.11)
      rouge (>= 2.0.0, < 4)
    html-proofer (3.19.4)
      addressable (~> 2.3)
      mercenary (~> 0.3)
      nokogiri (~> 1.13)
      parallel (~> 1.10)
      rainbow (~> 3.0)
      typhoeus (~> 1.3)
      yell (~> 2.0)
    i18n (0.9.5)
      concurrent-ruby (~> 1.0)
    json_schema (0.21.0)
    kramdown (2.4.0)
      rexml
    kramdown-parser-gfm (1.1.0)
      kramdown (~> 2.0)
    liquid (4.0.4)
    memo_wise (1.7.0)
    mercenary (0.4.0)
    method_source (1.0.0)
    minitest (5.17.0)
    nanoc (4.12.6)
      addressable (~> 2.5)
      colored (~> 1.2)
      nanoc-checking (~> 1.0, >= 1.0.2)
      nanoc-cli (= 4.12.6)
      nanoc-core (= 4.12.6)
      nanoc-deploying (~> 1.0)
      parallel (~> 1.12)
      tty-command (~> 0.8)
      tty-which (~> 0.4)
    nanoc-checking (1.0.2)
      nanoc-cli (~> 4.12, >= 4.12.4)
      nanoc-core (~> 4.12, >= 4.12.4)
    nanoc-cli (4.12.6)
      cri (~> 2.15)
      diff-lcs (~> 1.3)
      nanoc-core (= 4.12.6)
      zeitwerk (~> 2.1)
    nanoc-conref-fs (0.7.0)
      activesupport (~> 4.2)
      liquid (~> 4.0)
      nanoc (~> 4.9)
    nanoc-core (4.12.6)
      concurrent-ruby (~> 1.1)
      ddmetrics (~> 1.0)
      ddplugin (~> 1.0)
      hamster (~> 3.0)
      json_schema (~> 0.19)
      memo_wise (~> 1.5)
      slow_enumerator_tools (~> 1.0)
      tty-platform (~> 0.2)
      zeitwerk (~> 2.1)
    nanoc-deploying (1.0.2)
      nanoc-checking (~> 1.0)
      nanoc-cli (~> 4.11, >= 4.11.15)
      nanoc-core (~> 4.11, >= 4.11.15)
    nanoc-html-pipeline (0.3.5)
      html-pipeline (~> 2.0)
      nanoc (>= 3.1, < 5.0)
    nanoc-redirector (0.4.1)
      nanoc (~> 4.9)
    nokogiri (1.13.10-x64-mingw32)
      racc (~> 1.4)
    parallel (1.22.1)
    pastel (0.8.0)
      tty-color (~> 0.5)
    pry (0.14.2)
      coderay (~> 1.1)
      method_source (~> 1.0)
    pry-coolline (0.2.6)
      coolline (~> 0.5)
      pry (~> 0.13)
    public_suffix (5.0.1)
    racc (1.6.2)
    rainbow (3.1.1)
    rake (13.0.6)
    rexml (3.2.5)
    rouge (3.30.0)
    slow_enumerator_tools (1.1.0)
    thread_safe (0.3.6)
    tty-color (0.6.0)
    tty-command (0.10.1)
      pastel (~> 0.8)
    tty-platform (0.3.0)
    tty-which (0.5.0)
    typhoeus (1.4.0)
      ethon (>= 0.9.0)
    tzinfo (1.2.10)
      thread_safe (~> 0.1)
    unicode_utils (1.4.0)
    yell (2.2.2)
    zeitwerk (2.6.6)

PLATFORMS
  x64-mingw32

DEPENDENCIES
  activesupport (~> 4.2)
  colorize (~> 0.8.1)
  extended-markdown-filter (~> 0.4)
  gemoji (= 2.1.0)
  github-markdown (~> 0.6.9)
  html-pipeline-asciidoc_filter (~> 1.5)
  html-pipeline-rouge_filter (~> 1.0)
  html-proofer (~> 3.7)
  kramdown
  kramdown-parser-gfm
  nanoc (~> 4.7)
  nanoc-conref-fs (~> 0.7)
  nanoc-html-pipeline (~> 0.3)
  nanoc-redirector (~> 0.2)
  pry
  pry-coolline
  rake

RUBY VERSION
   ruby 2.6.9p207

BUNDLED WITH
   1.17.2
